GIT
  remote: git://github.com/markiz/dm-counter-cache.git
  revision: 14a4fed5e236553f9f5733de2053a9369616d92d
  specs:
    dm-counter-cache (1.0.3.20100921011510)
      dm-core (~> 1.0.0)

GEM
  remote: http://rubygems.org/
  specs:
    abstract (1.0.0)
    actionmailer (3.0.0)
      actionpack (= 3.0.0)
      mail (~> 2.2.5)
    actionpack (3.0.0)
      activemodel (= 3.0.0)
      activesupport (= 3.0.0)
      builder (~> 2.1.2)
      erubis (~> 2.6.6)
      i18n (~> 0.4.1)
      rack (~> 1.2.1)
      rack-mount (~> 0.6.12)
      rack-test (~> 0.5.4)
      tzinfo (~> 0.3.23)
    activemodel (3.0.0)
      activesupport (= 3.0.0)
      builder (~> 2.1.2)
      i18n (~> 0.4.1)
    activerecord (3.0.0)
      activemodel (= 3.0.0)
      activesupport (= 3.0.0)
      arel (~> 1.0.0)
      tzinfo (~> 0.3.23)
    activesupport (3.0.0)
    addressable (2.2.1)
    arel (1.0.1)
      activesupport (~> 3.0.0)
    builder (2.1.2)
    daemons (1.1.0)
    data_objects (0.10.2)
      addressable (~> 2.1)
    diff-lcs (1.1.2)
    dm-accepts_nested_attributes (1.0.0)
      dm-core (~> 1.0.0)
    dm-active_model (1.0.2)
      activemodel (~> 3.0.0)
      dm-core (~> 1.0.2)
    dm-adjust (1.0.2)
      dm-core (~> 1.0.2)
    dm-aggregates (1.0.2)
      dm-core (~> 1.0.2)
    dm-constraints (1.0.2)
      dm-core (~> 1.0.2)
      dm-migrations (~> 1.0.2)
    dm-core (1.0.2)
      addressable (~> 2.2)
      extlib (~> 0.9.15)
    dm-do-adapter (1.0.2)
      data_objects (~> 0.10.2)
      dm-core (~> 1.0.2)
    dm-is-nested_set (1.0.2)
      dm-adjust (~> 1.0.2)
      dm-core (~> 1.0.2)
    dm-migrations (1.0.2)
      dm-core (~> 1.0.2)
    dm-mysql-adapter (1.0.2)
      dm-do-adapter (~> 1.0.2)
      do_mysql (~> 0.10.2)
    dm-rails (1.0.2)
      actionpack (~> 3.0.0.beta3)
      activesupport (~> 3.0.0.beta3)
      dm-active_model (~> 1.0.0)
      dm-core (~> 1.0.0)
      railties (~> 3.0.0.beta3)
    dm-serializer (1.0.2)
      dm-core (~> 1.0.2)
      fastercsv (~> 1.5.3)
      json_pure (~> 1.4)
    dm-sqlite-adapter (1.0.2)
      dm-do-adapter (~> 1.0.2)
      do_sqlite3 (~> 0.10.2)
    dm-timestamps (1.0.2)
      dm-core (~> 1.0.2)
    dm-transactions (1.0.2)
      dm-core (~> 1.0.2)
    dm-types (1.0.2)
      dm-core (~> 1.0.2)
      fastercsv (~> 1.5.3)
      json_pure (~> 1.4)
      stringex (~> 1.1.0)
      uuidtools (~> 2.1.1)
    dm-validations (1.0.2)
      dm-core (~> 1.0.2)
    do_mysql (0.10.2)
      data_objects (= 0.10.2)
    do_sqlite3 (0.10.2)
      data_objects (= 0.10.2)
    erubis (2.6.6)
      abstract (>= 1.0.0)
    eventmachine (0.12.10)
    extlib (0.9.15)
    factory_girl (1.3.2)
    fastercsv (1.5.3)
    formtastic (1.1.0)
      actionpack (>= 2.3.0)
      activesupport (>= 2.3.0)
      i18n (>= 0.4.0)
    haml (3.0.18)
    i18n (0.4.1)
    json_pure (1.4.6)
    mail (2.2.7)
      activesupport (>= 2.3.6)
      mime-types
      treetop (>= 1.4.5)
    memcache-client (1.8.5)
    mime-types (1.16)
    polyglot (0.3.1)
    rack (1.2.1)
    rack-mount (0.6.13)
      rack (>= 1.0.0)
    rack-test (0.5.6)
      rack (>= 1.0)
    railties (3.0.0)
      actionpack (= 3.0.0)
      activesupport (= 3.0.0)
      rake (>= 0.8.4)
      thor (~> 0.14.0)
    rake (0.8.7)
    rdiscount (1.6.5)
    rspec (2.0.0)
      rspec-core (= 2.0.0)
      rspec-expectations (= 2.0.0)
      rspec-mocks (= 2.0.0)
    rspec-core (2.0.0)
    rspec-expectations (2.0.0)
      diff-lcs (>= 1.1.2)
    rspec-mocks (2.0.0)
      rspec-core (= 2.0.0)
      rspec-expectations (= 2.0.0)
    rspec-rails (2.0.0)
      rspec (= 2.0.0)
    spork (0.8.4)
    stringex (1.1.0)
    thin (1.2.7)
      daemons (>= 1.0.9)
      eventmachine (>= 0.12.6)
      rack (>= 1.0.0)
    thor (0.14.3)
    treetop (1.4.8)
      polyglot (>= 0.3.1)
    tzinfo (0.3.23)
    uuidtools (2.1.1)

PLATFORMS
  ruby

DEPENDENCIES
  actionmailer (~> 3.0.0)
  actionpack (~> 3.0.0)
  activemodel (~> 3.0.0)
  activerecord (~> 3.0.0)
  activesupport (~> 3.0.0)
  dm-accepts_nested_attributes (~> 1.0.0)
  dm-active_model (= 1.0.2)
  dm-aggregates (= 1.0.2)
  dm-constraints (= 1.0.2)
  dm-core (= 1.0.2)
  dm-counter-cache!
  dm-is-nested_set (= 1.0.2)
  dm-migrations (= 1.0.2)
  dm-mysql-adapter (= 1.0.2)
  dm-rails (= 1.0.2)
  dm-serializer (= 1.0.2)
  dm-sqlite-adapter (= 1.0.2)
  dm-timestamps (= 1.0.2)
  dm-transactions (= 1.0.2)
  dm-types (= 1.0.2)
  dm-validations (= 1.0.2)
  factory_girl
  formtastic (~> 1.1.0)
  haml (= 3.0.18)
  memcache-client
  railties (~> 3.0.0)
  rdiscount
  rspec
  rspec-rails
  spork
  thin
